GEM
  remote: http://rubygems.org/
  specs:
    activesupport (3.0.4)
    diff-lcs (1.1.2)
    git (1.2.5)
    hashie (1.0.0)
    jeweler (1.5.2)
      bundler (~> 1.0.0)
      git (>= 1.2.5)
      rake
    moneta (0.6.0)
    rake (0.8.7)
    rcov (0.9.9)
    rspec (2.3.0)
      rspec-core (~> 2.3.0)
      rspec-expectations (~> 2.3.0)
      rspec-mocks (~> 2.3.0)
    rspec-core (2.3.1)
    rspec-expectations (2.3.0)
      diff-lcs (~> 1.1.2)
    rspec-mocks (2.3.0)
    ru_pol (0.1.2)
    yard (0.6.5)

PLATFORMS
  ruby

DEPENDENCIES
  activesupport (>= 2.3.8)
  bundler (~> 1.0.0)
  hashie (~> 1.0)
  jeweler (~> 1.5.2)
  moneta (>= 0.6.0)
  rcov
  rspec (~> 2.3.0)
  ru_pol (= 0.1.2)
  yard (~> 0.6.0)
